PATH
  remote: .
  specs:
    uffizzi-cli (1.1.0)
      activesupport
      awesome_print
      faker
      launchy
      minitar
      securerandom
      sentry-ruby
      thor
      tty-prompt
      tty-spinner

GEM
  remote: https://rubygems.org/
  specs:
    activesupport (6.1.4.1)
      concurrent-ruby (~> 1.0, >= 1.0.2)
      i18n (>= 1.6, < 2)
      minitest (>= 5.1)
      tzinfo (~> 2.0)
      zeitwerk (~> 2.3)
    addressable (2.8.0)
      public_suffix (>= 2.0.2, < 5.0)
    ast (2.4.2)
    awesome_print (1.9.2)
    bump (0.10.0)
    byebug (11.1.3)
    coderay (1.1.3)
    concurrent-ruby (1.1.9)
    crack (0.4.5)
      rexml
    deepsort (0.4.5)
    factory_bot (6.2.0)
      activesupport (>= 5.0.0)
    fakefs (1.8.0)
    faker (2.20.0)
      i18n (>= 1.8.11, < 2)
    hashdiff (1.0.1)
    i18n (1.8.11)
      concurrent-ruby (~> 1.0)
    kramdown (2.3.1)
      rexml
    launchy (2.5.2)
      addressable (~> 2.8)
    method_source (1.0.0)
    minitar (0.9)
    minitest (5.14.4)
    minitest-power_assert (0.3.1)
      minitest
      power_assert (>= 1.1)
    mocha (1.13.0)
    mustache (0.99.8)
    nokogiri (1.13.1-aarch64-linux)
      racc (~> 1.4)
    nokogiri (1.13.1-x86_64-linux)
      racc (~> 1.4)
    open3 (0.1.1)
    parallel (1.21.0)
    parser (3.0.2.0)
      ast (~> 2.4.1)
    pastel (0.8.0)
      tty-color (~> 0.5)
    power_assert (2.0.1)
    pry (0.13.1)
      coderay (~> 1.1)
      method_source (~> 1.0)
    pry-byebug (3.9.0)
      byebug (~> 11.0)
      pry (~> 0.13.0)
    pry-inline (1.0.7)
      pry (> 0.10.0)
      unicode (~> 0.4.4)
    public_suffix (4.0.6)
    racc (1.6.0)
    rainbow (3.0.0)
    rake (13.0.6)
    regexp_parser (2.1.1)
    rexml (3.2.5)
    ronn-ng (0.9.1)
      kramdown (~> 2.1)
      mustache (~> 0.7, >= 0.7.0)
      nokogiri (~> 1.9, >= 1.9.0)
    rubocop (1.22.3)
      parallel (~> 1.10)
      parser (>= 3.0.0.0)
      rainbow (>= 2.2.2, < 4.0)
      regexp_parser (>= 1.8, < 3.0)
      rexml
      rubocop-ast (>= 1.12.0, < 2.0)
      ruby-progressbar (~> 1.7)
      unicode-display_width (>= 1.4.0, < 3.0)
    rubocop-ast (1.13.0)
      parser (>= 3.0.1.1)
    rubocop-minitest (0.15.2)
      rubocop (>= 0.90, < 2.0)
    rubocop-rake (0.6.0)
      rubocop (~> 1.0)
    ruby-progressbar (1.11.0)
    securerandom (0.1.0)
    sentry-ruby (5.9.0)
      concurrent-ruby (~> 1.0, >= 1.0.2)
    thor (1.2.2)
    tty-color (0.6.0)
    tty-cursor (0.7.1)
    tty-prompt (0.23.1)
      pastel (~> 0.8)
      tty-reader (~> 0.8)
    tty-reader (0.9.0)
      tty-cursor (~> 0.7)
      tty-screen (~> 0.8)
      wisper (~> 2.0)
    tty-screen (0.8.1)
    tty-spinner (0.9.3)
      tty-cursor (~> 0.7)
    tzinfo (2.0.4)
      concurrent-ruby (~> 1.0)
    unicode (0.4.4.4)
    unicode-display_width (2.1.0)
    webmock (3.14.0)
      addressable (>= 2.8.0)
      crack (>= 0.3.2)
      hashdiff (>= 0.4.0, < 2.0.0)
    wisper (2.0.1)
    zeitwerk (2.5.1)

PLATFORMS
  aarch64-linux-musl
  x86_64-linux-musl

DEPENDENCIES
  bump
  bundler (~> 2.2)
  byebug
  deepsort (~> 0.4.5)
  factory_bot
  fakefs
  minitest
  minitest-power_assert
  mocha
  open3
  pry-byebug
  pry-inline
  rake
  ronn-ng
  rubocop
  rubocop-minitest
  rubocop-rake
  uffizzi-cli!
  webmock

BUNDLED WITH
   2.2.32
